PATH
  remote: .
  specs:
    adcenter (0.0.1)
      activesupport (>= 3.1.0)
      google-ads-common
      httpi (~> 1.0.0)
      savon (~> 1.0.0)

GEM
  remote: http://rubygems.org/
  specs:
    activesupport (3.2.6)
      i18n (~> 0.6)
      multi_json (~> 1.0)
    akami (1.2.0)
      gyoku (>= 0.4.0)
      nokogiri (>= 1.4.0)
    builder (3.0.0)
    diff-lcs (1.1.3)
    faraday (0.8.1)
      multipart-post (~> 1.1)
    google-ads-common (0.7.3)
      httpi (~> 1.0.0)
      oauth (~> 0.4.5)
      oauth2 (~> 0.7.1)
      savon (~> 1.0.0)
    gyoku (0.4.6)
      builder (>= 2.1.2)
    httpauth (0.1)
    httpi (1.0.0)
      rack
    i18n (0.6.0)
    multi_json (1.3.6)
    multipart-post (1.1.5)
    nokogiri (1.5.5)
    nori (1.1.2)
    oauth (0.4.6)
    oauth2 (0.7.1)
      faraday (~> 0.8)
      httpauth (~> 0.1)
      multi_json (~> 1.0)
      rack (~> 1.4)
    rack (1.4.1)
    rake (0.9.2.2)
    rspec (2.10.0)
      rspec-core (~> 2.10.0)
      rspec-expectations (~> 2.10.0)
      rspec-mocks (~> 2.10.0)
    rspec-core (2.10.1)
    rspec-expectations (2.10.0)
      diff-lcs (~> 1.1.3)
    rspec-mocks (2.10.1)
    savon (1.0.0)
      akami (~> 1.1)
      builder (>= 2.1.2)
      gyoku (>= 0.4.0)
      httpi (~> 1.0)
      nokogiri (>= 1.4.0)
      nori (~> 1.1)
      wasabi (~> 2.2)
    wasabi (2.5.0)
      httpi (~> 1.0)
      nokogiri (>= 1.4.0)

PLATFORMS
  ruby

DEPENDENCIES
  adcenter!
  rake
  rspec (~> 2.8)
